GEM
  remote: https://rubygems.org/
  specs:
    metaclass (0.0.1)
    mocha (0.13.1)
      metaclass (~> 0.0.1)
    rake (10.0.3)
    thor (0.18.1)

PLATFORMS
  ruby

DEPENDENCIES
  mocha
  rake
  thor
