GEM
  remote: https://rubygems.org/
  specs:
    rake (10.0.3)
    thor (0.18.1)

PLATFORMS
  ruby

DEPENDENCIES
  rake
  thor
